GEM
  remote: http://rubygems.org/
  specs:
    RedCloth (4.2.8)
    albino (1.3.3)
      posix-spawn (>= 0.3.6)
    aruba (0.4.7)
      childprocess (>= 0.2.2)
      cucumber (>= 1.1.1)
      ffi (= 1.0.9)
      rspec (>= 2.7.0)
    blankslate (2.1.2.4)
    builder (3.0.0)
    childprocess (0.3.1)
      ffi (~> 1.0.6)
    chunky_png (1.2.1)
    classifier (1.3.3)
      fast-stemmer (>= 1.0.0)
    compass (0.11.5)
      chunky_png (~> 1.2)
      fssm (>= 0.2.7)
      sass (~> 3.1)
    cucumber (1.1.9)
      builder (>= 2.1.2)
      diff-lcs (>= 1.1.2)
      gherkin (~> 2.9.0)
      json (>= 1.4.6)
      term-ansicolor (>= 1.0.6)
    diff-lcs (1.1.3)
    directory_watcher (1.4.0)
    fast-stemmer (1.0.0)
    ffi (1.0.9)
    fssm (0.2.7)
    gherkin (2.9.1)
      json (>= 1.4.6)
    haml (3.1.2)
    jekyll (0.11.0)
      albino (>= 1.3.2)
      classifier (>= 1.3.1)
      directory_watcher (>= 1.1.1)
      kramdown (>= 0.13.2)
      liquid (>= 1.9.0)
      maruku (>= 0.5.9)
    json (1.6.5)
    kramdown (0.13.3)
    liquid (2.2.2)
    maruku (0.6.0)
      syntax (>= 1.0.0)
    posix-spawn (0.3.6)
    pygments.rb (0.1.3)
      rubypython (>= 0.5.1)
    rack (1.3.2)
    rake (0.9.2)
    rb-fsevent (0.4.3.1)
    rdiscount (1.6.8)
    rspec (2.9.0)
      rspec-core (~> 2.9.0)
      rspec-expectations (~> 2.9.0)
      rspec-mocks (~> 2.9.0)
    rspec-core (2.9.0)
    rspec-expectations (2.9.0)
      diff-lcs (~> 1.1.3)
    rspec-mocks (2.9.0)
    rubypants (0.2.0)
    rubypython (0.5.1)
      blankslate (>= 2.1.2.3)
      ffi (~> 1.0.7)
    sass (3.1.5)
    sinatra (1.2.6)
      rack (~> 1.1)
      tilt (>= 1.2.2, < 2.0)
    stringex (1.3.0)
    syntax (1.0.0)
    term-ansicolor (1.0.7)
    tilt (1.3.2)

PLATFORMS
  ruby

DEPENDENCIES
  RedCloth
  aruba
  compass (>= 0.11)
  cucumber
  haml (>= 3.1)
  jekyll
  liquid (= 2.2.2)
  pygments.rb
  rack
  rake
  rb-fsevent
  rdiscount
  rubypants
  sinatra (= 1.2.6)
  stringex
